GEM
  remote: http://rubygems.org/
  specs:
    rack (1.6.9)
    rack-protection (1.5.5)
      rack
    sinatra (1.3.1)
      rack (~> 1.3, >= 1.3.4)
      rack-protection (~> 1.1, >= 1.1.2)
      tilt (~> 1.3, >= 1.3.3)
    tilt (1.3.3)

PLATFORMS
  ruby

DEPENDENCIES
  sinatra

BUNDLED WITH
   1.16.0
